PATH
  remote: .
  specs:
    rails_data_updater_analyzer (1.0.0)

GEM
  remote: http://rubygems.org/
  specs:
    mysql2 (0.5.3)

PLATFORMS
  ruby

DEPENDENCIES
  mysql2
  rails_data_updater_analyzer!

BUNDLED WITH
   2.1.4
